GEM
  remote: https://rubygems.org/
  specs:
    os (0.9.6)
    rake (13.0.6)

PLATFORMS
  x86_64-linux

DEPENDENCIES
  os (~> 0.9.6)
  rake (~> 13.0.0)

BUNDLED WITH
   2.3.0
